GEM
  remote: https://rubygems.org/
  specs:
    git (1.7.0)
      rchardet (~> 1.8)
    rchardet (1.8.0)

PLATFORMS
  ruby

DEPENDENCIES
  git (~> 1.7)

BUNDLED WITH
   2.1.4
